PATH
  remote: .
  specs:
    tubular (0.0.1)
      celluloid
      celluloid-io

GEM
  remote: https://rubygems.org/
  specs:
    addressable (2.3.4)
    celluloid (0.14.1)
      timers (>= 1.0.0)
    celluloid-io (0.14.1)
      celluloid (>= 0.14.1)
      nio4r (>= 0.4.5)
    crack (0.4.0)
      safe_yaml (~> 0.9.0)
    minitest (5.0.5)
    nio4r (0.4.6)
    rake (10.1.0)
    safe_yaml (0.9.3)
    timers (1.1.0)
    webmock (1.11.0)
      addressable (>= 2.2.7)
      crack (>= 0.3.2)

PLATFORMS
  ruby

DEPENDENCIES
  bundler (~> 1.3)
  minitest
  rake
  tubular!
  webmock
